GEM
  remote: https://rubygems.org/
  specs:
    influxdb-client (2.9.0)

PLATFORMS
  ruby

DEPENDENCIES
  influxdb-client

BUNDLED WITH
   1.17.3
