GEM
  remote: https://rubygems.org/
  specs:
    pycall (1.4.2)

PLATFORMS
  ruby

DEPENDENCIES
  pycall

BUNDLED WITH
   1.17.3
