GEM
  remote: https://rubygems.org/
  specs:
    influxdb-client (3.0.0)

PLATFORMS
  ruby

DEPENDENCIES
  influxdb-client

BUNDLED WITH
   1.17.3
